PATH
  remote: .
  specs:
    terminal_chess (0.1.4)
      colorize

GEM
  remote: https://rubygems.org/
  specs:
    colorize (0.8.1)
    minitest (5.8.4)
    rake (10.5.0)

PLATFORMS
  ruby

DEPENDENCIES
  bundler (~> 1.7)
  minitest
  rake (~> 10.0)
  terminal_chess!

BUNDLED WITH
   1.15.3
