PATH
  remote: .
  specs:
    terminal_chess (0.2.1)
      colorize
      em-websocket
      eventmachine
      faye-websocket

GEM
  remote: https://rubygems.org/
  specs:
    colorize (0.8.1)
    em-websocket (0.5.1)
      eventmachine (>= 0.12.9)
      http_parser.rb (~> 0.6.0)
    eventmachine (1.2.5)
    faye-websocket (0.10.7)
      eventmachine (>= 0.12.0)
      websocket-driver (>= 0.5.1)
    http_parser.rb (0.6.0)
    minitest (5.8.4)
    rake (10.5.0)
    websocket-driver (0.7.0)
      websocket-extensions (>= 0.1.0)
    websocket-extensions (0.1.3)

PLATFORMS
  ruby

DEPENDENCIES
  bundler (~> 1.7)
  minitest
  rake (~> 10.0)
  terminal_chess!

BUNDLED WITH
   1.16.0
